GEM
  remote: http://rubygems.org/
  specs:
    nokogiri (1.5.0.beta.2-java)
    rack (1.2.1)
    sinatra (1.1.0)
      rack (~> 1.1)
      tilt (~> 1.1)
    tilt (1.1)

PLATFORMS
  java

DEPENDENCIES
  nokogiri (= 1.5.0.beta.2)
  sinatra
